GEM
  remote: http://rubygems.org/
  specs:
    ZenTest (4.6.0)
    allison (2.0.3)
    autotest (4.4.6)
      ZenTest (>= 4.4.1)
    autotest-growl (0.2.9)
    echoe (4.6.1)
      allison (>= 2.0.3)
      gemcutter (>= 0.7.0)
      rake (>= 0.9.2)
      rdoc (>= 3.6.1)
      rubyforge (>= 2.0.4)
    factory_girl (1.3.3)
    gemcutter (0.7.0)
    json_pure (1.5.3)
    rake (0.9.2)
    rdoc (3.8)
    rubyforge (2.0.4)
      json_pure (>= 1.1.7)

PLATFORMS
  ruby

DEPENDENCIES
  autotest
  autotest-growl
  echoe
  factory_girl
  rake
