GEM
  specs:
    ZenTest (4.6.0)
    autotest (4.4.6)
      ZenTest (>= 4.4.1)
    autotest-growl (0.2.9)
    factory_girl (1.3.3)

PLATFORMS
  ruby

DEPENDENCIES
  autotest
  autotest-growl
  factory_girl
